PATH
  remote: .
  specs:
    bs_ruby_regex (0.0.1.pre)

GEM
  remote: https://rubygems.org/
  specs:
    minitest (5.8.0)
    rake (10.4.2)

PLATFORMS
  ruby

DEPENDENCIES
  bs_ruby_regex!
  bundler (~> 1.10)
  minitest (~> 5.8)
  rake

BUNDLED WITH
   1.10.6
